GIT
  remote: https://github.com/cloudfoundry/steno.git
  revision: 5c68aa048c50ee0cf56253a2700ec711aff8f762
  specs:
    steno (1.0.2)
      grape
      yajl-ruby (~> 1.0)

GIT
  remote: https://github.com/cloudfoundry/vcap-common.git
  revision: 0082ef626d47e30bab2ab83577226208f75462f3
  specs:
    vcap_common (2.0.8)
      em-http-request (~> 1.0.0.beta3)
      eventmachine
      httpclient
      membrane (~> 0.0.2)
      mime-types
      multipart-post
      nats (~> 0.4.24)
      posix-spawn (~> 0.3.6)
      thin
      yajl-ruby

GIT
  remote: https://github.com/cloudfoundry/warden.git
  revision: 4c1bb04f863f565be8ed8181e25758145ac739b4
  specs:
    em-warden-client (0.1.1)
      eventmachine
      warden-client
      warden-protocol (>= 0.0.9)
    warden-client (0.0.7)
      warden-protocol
    warden-protocol (0.0.10)
      beefcake

GIT
  remote: https://github.com/intridea/grape.git
  revision: 03fe2d56a92ecb90870c3c713de31f46b79f3845
  specs:
    grape (0.2.1)
      hashie (~> 1.2)
      multi_json (>= 1.3.2)
      multi_xml
      rack
      rack-mount
      virtus

GEM
  remote: https://rubygems.org/
  specs:
    addressable (2.3.2)
    archive-tar-minitar (0.5.2)
    backports (2.6.4)
    beefcake (0.3.7)
    builder (3.0.0)
    chef (11.0.0)
      erubis
      highline (>= 1.6.9)
      json (>= 1.4.4, <= 1.6.1)
      mixlib-authentication (>= 1.3.0)
      mixlib-cli (~> 1.3.0)
      mixlib-config (>= 1.1.2)
      mixlib-log (>= 1.3.0)
      mixlib-shellout
      net-ssh (~> 2.2.2)
      net-ssh-multi (~> 1.1.0)
      ohai (>= 0.6.0)
      rest-client (>= 1.0.4, < 1.7.0)
      yajl-ruby (~> 1.1)
    childprocess (0.3.8)
      ffi (~> 1.0, >= 1.0.11)
    ci_reporter (1.7.0)
      builder (>= 2.1.2)
    cookiejar (0.3.0)
    daemons (1.1.9)
    diff-lcs (1.1.3)
    em-http-request (1.0.3)
      addressable (>= 2.2.3)
      cookiejar
      em-socksify
      eventmachine (>= 1.0.0.beta.4)
      http_parser.rb (>= 0.5.3)
    em-socksify (0.2.1)
      eventmachine (>= 1.0.0.beta.4)
    erubis (2.7.0)
    eventmachine (1.0.0)
    ffi (1.0.11)
    foreman (0.61.0)
      thor (>= 0.13.6)
    hashie (1.2.0)
    highline (1.6.15)
    http_parser.rb (0.5.3)
    httpclient (2.2.7)
    i18n (0.6.4)
    ipaddress (0.8.0)
    json (1.5.5)
    json_pure (1.7.5)
    librarian (0.0.26)
      archive-tar-minitar (>= 0.5.2)
      chef (>= 0.10)
      highline
      thor (~> 0.15)
    log4r (1.1.10)
    membrane (0.0.2)
    mime-types (1.19)
    mixlib-authentication (1.3.0)
      mixlib-log
    mixlib-cli (1.3.0)
    mixlib-config (1.1.2)
    mixlib-log (1.4.1)
    mixlib-shellout (1.1.0)
    multi_json (1.3.6)
    multi_xml (0.5.1)
    multipart-post (1.1.5)
    nats (0.4.26)
      daemons (>= 1.1.5)
      eventmachine (>= 0.12.10)
      json_pure (>= 1.7.3)
      thin (>= 1.4.1)
    net-scp (1.0.4)
      net-ssh (>= 1.99.1)
    net-ssh (2.2.2)
    net-ssh-gateway (1.1.0)
      net-ssh (>= 1.99.1)
    net-ssh-multi (1.1)
      net-ssh (>= 2.1.4)
      net-ssh-gateway (>= 0.99.0)
    nokogiri (1.5.6)
    ohai (6.16.0)
      ipaddress
      mixlib-cli
      mixlib-config
      mixlib-log
      mixlib-shellout
      systemu
      yajl-ruby
    patron (0.4.18)
    posix-spawn (0.3.6)
    rack (1.4.1)
    rack-mount (0.8.3)
      rack (>= 1.0.0)
    rack-protection (1.4.0)
      rack
    rack-test (0.6.1)
      rack (>= 1.0)
    rake (10.0.3)
    rcov (0.9.11)
    rest-client (1.6.7)
      mime-types (>= 1.16)
    rspec (2.11.0)
      rspec-core (~> 2.11.0)
      rspec-expectations (~> 2.11.0)
      rspec-mocks (~> 2.11.0)
    rspec-core (2.11.0)
    rspec-expectations (2.11.1)
      diff-lcs (~> 1.1.3)
    rspec-mocks (2.11.1)
    sinatra (1.3.5)
      rack (~> 1.4)
      rack-protection (~> 1.3)
      tilt (~> 1.3, >= 1.3.3)
    sys-filesystem (1.0.0)
      ffi (>= 1.0.0)
    systemu (2.5.2)
    thin (1.5.0)
      daemons (>= 1.0.9)
      eventmachine (>= 0.12.6)
      rack (>= 1.0.0)
    thor (0.15.4)
    tilt (1.3.4)
    uuidtools (2.1.3)
    vagrant (1.0.6)
      archive-tar-minitar (= 0.5.2)
      childprocess (~> 0.3.1)
      erubis (~> 2.7.0)
      i18n (~> 0.6.0)
      json (~> 1.5.1)
      log4r (~> 1.1.9)
      net-scp (~> 1.0.4)
      net-ssh (~> 2.2.2)
    vcap_logging (0.1.4)
      rake
    virtus (0.5.2)
      backports (~> 2.6.1)
    yajl-ruby (1.1.0)

PLATFORMS
  ruby

DEPENDENCIES
  ci_reporter
  em-http-request
  em-warden-client!
  eventmachine
  foreman
  grape!
  librarian
  nats
  nokogiri (>= 1.4.4)
  patron
  rack
  rack-test
  rake
  rcov
  rspec
  sinatra
  steno!
  sys-filesystem
  thin
  uuidtools (~> 2.1.2)
  vagrant
  vcap_common!
  vcap_logging (= 0.1.4)
  warden-client!
  warden-protocol!
  yajl-ruby
